GEM
  remote: http://rubygems.org/
  specs:
    actionmailer (2.3.8)
      actionpack (= 2.3.8)
    actionpack (2.3.8)
      activesupport (= 2.3.8)
      rack (~> 1.1.0)
    activerecord (2.3.8)
      activesupport (= 2.3.8)
    activeresource (2.3.8)
      activesupport (= 2.3.8)
    activesupport (2.3.8)
    haml (5.0.0)
      temple (>= 0.8.0)
      tilt
    pagination_scope (0.1.2)
      activesupport (>= 1.3.1)
    pg (0.9.0)
    rack (1.1.0)
    rails (2.3.8)
      actionmailer (= 2.3.8)
      actionpack (= 2.3.8)
      activerecord (= 2.3.8)
      activeresource (= 2.3.8)
      activesupport (= 2.3.8)
      rake (>= 0.8.3)
    rake (0.8.7)
    shoulda (2.11.1)
    sqlite3-ruby (1.2.5)
    temple (0.8.2)
    tilt (2.0.10)

PLATFORMS
  ruby

DEPENDENCIES
  haml (= 5.0.0)
  pagination_scope (= 0.1.2)
  pg (= 0.9.0)
  rails (= 2.3.8)
  shoulda (= 2.11.1)
  sqlite3-ruby (= 1.2.5)
